GEM
  remote: https://rubygems.org/
  specs:
    rattler (0.6.0)

PLATFORMS
  ruby

DEPENDENCIES
  rattler
